PATH
  remote: .
  specs:
    osint (0.0.1)
      methadone (~> 1.4.0)
      pry
      semantic_logger
      typhoeus

GEM
  remote: https://rubygems.org/
  specs:
    aruba (0.5.4)
      childprocess (>= 0.3.6)
      cucumber (>= 1.1.1)
      rspec-expectations (>= 2.7.0)
    builder (3.2.2)
    childprocess (0.5.3)
      ffi (~> 1.0, >= 1.0.11)
    coderay (1.1.0)
    cucumber (1.3.15)
      builder (>= 2.1.2)
      diff-lcs (>= 1.1.3)
      gherkin (~> 2.12)
      multi_json (>= 1.7.5, < 2.0)
      multi_test (>= 0.1.1)
    diff-lcs (1.2.5)
    ethon (0.7.0)
      ffi (>= 1.3.0)
    ffi (1.9.3)
    gherkin (2.12.2)
      multi_json (~> 1.3)
    json (1.8.1)
    methadone (1.4.0)
      bundler
    method_source (0.8.2)
    multi_json (1.10.1)
    multi_test (0.1.1)
    pry (0.10.0)
      coderay (~> 1.1.0)
      method_source (~> 0.8.1)
      slop (~> 3.4)
    rake (10.3.2)
    rdoc (4.1.1)
      json (~> 1.4)
    rspec-expectations (3.0.2)
      diff-lcs (>= 1.2.0, < 2.0)
      rspec-support (~> 3.0.0)
    rspec-support (3.0.2)
    semantic_logger (2.9.0)
      sync_attr (>= 1.0)
      thread_safe (>= 0.1.0)
    slop (3.5.0)
    sync_attr (1.0.0)
    thread_safe (0.3.4)
    typhoeus (0.6.8)
      ethon (>= 0.7.0)

PLATFORMS
  ruby

DEPENDENCIES
  aruba
  bundler
  osint!
  rake
  rdoc
